GIT
  remote: git://github.com/rapid7/metasploit_data_models.git
  revision: 73f26789500f278dd6fd555e839d09a3b81a05f4
  tag: 0.3.0
  specs:
    metasploit_data_models (0.3.0)
      activerecord
      activesupport
      pg
      pry

GEM
  remote: http://rubygems.org/
  specs:
    activemodel (3.2.9)
      activesupport (= 3.2.9)
      builder (~> 3.0.0)
    activerecord (3.2.9)
      activemodel (= 3.2.9)
      activesupport (= 3.2.9)
      arel (~> 3.0.2)
      tzinfo (~> 0.3.29)
    activesupport (3.2.9)
      i18n (~> 0.6)
      multi_json (~> 1.0)
    arel (3.0.2)
    builder (3.0.4)
    coderay (1.0.8)
    diff-lcs (1.1.3)
    i18n (0.6.1)
    method_source (0.8.1)
    multi_json (1.0.4)
    pg (0.14.1)
    pry (0.9.10)
      coderay (~> 1.0.5)
      method_source (~> 0.8)
      slop (~> 3.3.1)
    rake (13.0.1)
    redcarpet (2.2.2)
    rspec (2.12.0)
      rspec-core (~> 2.12.0)
      rspec-expectations (~> 2.12.0)
      rspec-mocks (~> 2.12.0)
    rspec-core (2.12.1)
    rspec-expectations (2.12.0)
      diff-lcs (~> 1.1.3)
    rspec-mocks (2.12.0)
    simplecov (0.5.4)
      multi_json (~> 1.0.3)
      simplecov-html (~> 0.5.3)
    simplecov-html (0.5.3)
    slop (3.3.3)
    tzinfo (0.3.35)
    yard (0.8.3)

PLATFORMS
  ruby

DEPENDENCIES
  activerecord
  activesupport (>= 3.0.0)
  metasploit_data_models!
  pg (>= 0.11)
  rake
  redcarpet
  rspec (>= 2.12)
  simplecov (= 0.5.4)
  yard
